GEM
  remote: https://rubygems.org/
  specs:
    bson (4.3.0)
    bson_ext (1.5.1)
    mongo (2.5.1)
      bson (>= 4.3.0, < 5.0.0)
    mysql2 (0.5.0)

PLATFORMS
  ruby

DEPENDENCIES
  bson_ext
  mongo
  mysql2

BUNDLED WITH
   1.16.1
