GEM
  remote: https://rubygems.org/
  specs:
    bson (1.9.1)
    bson_ext (1.9.1)
      bson (~> 1.9.1)
    mongo (1.9.1)
      bson (~> 1.9.1)
    mysql2 (0.3.13)

PLATFORMS
  ruby

DEPENDENCIES
  bson_ext
  mongo
  mysql2
